GEM
  remote: https://rubygems.org/
  specs:
    binding_of_caller (0.7.2)
      debug_inspector (>= 0.0.1)
    coderay (1.1.0)
    debug_inspector (0.0.2)
    eefgilm (1.0.0)
    method_source (0.8.2)
    pry (0.10.0)
      coderay (~> 1.1.0)
      method_source (~> 0.8.1)
      slop (~> 3.4)
    pry-remote (0.1.8)
      pry (~> 0.9)
      slop (~> 3.0)
    pry-stack_explorer (0.4.9.1)
      binding_of_caller (>= 0.7)
      pry (>= 0.9.11)
    rake (10.3.2)
    slop (3.5.0)

PLATFORMS
  ruby

DEPENDENCIES
  eefgilm
  pry
  pry-remote
  pry-stack_explorer
  rake
